GEM
  remote: https://rubygems.org/
  specs:
    minitest (5.20.0)
    rake (13.1.0)
    rexml (3.2.6)
    rubyzip (2.3.2)
    selenium-webdriver (4.16.0)
      rexml (~> 3.2, >= 3.2.5)
      rubyzip (>= 1.2.2, < 3.0)
      websocket (~> 1.0)
    websocket (1.2.10)

PLATFORMS
  x64-mingw-ucrt

DEPENDENCIES
  minitest
  rake
  selenium-webdriver

BUNDLED WITH
   2.5.3
